GEM
  remote: http://rubygems.org/
  specs:
    coderay (1.1.1)
    fakeredis (0.6.0)
      redis (~> 3.2)
    git-version-bump (0.15.1)
    kgio (2.11.0)
    method_source (0.8.2)
    minitest (5.10.1)
    newrelic_rpm (3.18.1.330)
    pry (0.10.4)
      coderay (~> 1.1.0)
      method_source (~> 0.8.1)
      slop (~> 3.4)
    pry-remote (0.1.8)
      pry (~> 0.9)
      slop (~> 3.0)
    rack (1.6.5)
    rack-contrib (1.4.0)
      git-version-bump (~> 0.15)
      rack (~> 1.4)
    rack-protection (1.5.3)
      rack
    rack-test (0.6.3)
      rack (>= 1.0)
    raindrops (0.17.0)
    rake (12.0.0)
    redis (3.3.3)
    sinatra (1.4.8)
      rack (~> 1.5)
      rack-protection (~> 1.4)
      tilt (>= 1.3, < 3)
    slop (3.6.0)
    thor (0.19.4)
    tilt (2.0.6)
    unicorn (5.2.0)
      kgio (~> 2.6)
      raindrops (~> 0.7)

PLATFORMS
  ruby

DEPENDENCIES
  fakeredis
  minitest
  newrelic_rpm
  pry-remote
  rack-contrib (~> 1.4.0)
  rack-test
  rake
  redis
  sinatra
  thor
  unicorn

BUNDLED WITH
   1.11.2
